GEM
  remote: https://rubygems.org/
  specs:
    CFPropertyList (2.2.8)
    activemodel (4.2.4)
      activesupport (= 4.2.4)
      builder (= 3.2.2)
    activesupport (4.2.4)
      i18n (= 0.7.0)
      json (= 1.8.3)
      minitest (= 5.8.0)
      thread_safe (= 0.3.5)
      tzinfo (= 1.2.2)
    addressable (2.3.8)
    autoparse (0.3.3)
      addressable (= 2.3.8)
      extlib (= 0.9.16)
      multi_json (= 1.11.2)
    aws-sdk (1.65.0)
      aws-sdk-v1 (= 1.65.0)
    aws-sdk-v1 (1.65.0)
      json (= 1.8.3)
      nokogiri (= 1.6.6.2)
    beaker (2.20.0)
      aws-sdk (= 1.65.0)
      beaker-answers (= 0.0.0)
      docker-api (= 1.22.2)
      fission (= 0.5.0)
      fog (= 1.33.0)
      google-api-client (= 0.8.6)
      hocon (= 0.9.3)
      inifile (= 2.0.2)
      json (= 1.8.3)
      minitest (= 5.8.0)
      net-scp (= 1.2.1)
      net-ssh (= 2.9.2)
      open_uri_redirections (= 0.2.1)
      rbvmomi (= 1.8.2)
      rsync (= 1.0.9)
      stringify-hash (= 0.0.2)
      unf (= 0.1.14)
    beaker-answers (0.0.0)
      require_all (= 1.3.2)
      stringify-hash (= 0.0.2)
    beaker-rspec (5.2.0)
      beaker (= 2.20.0)
      rspec (= 3.3.0)
      serverspec (= 2.22.0)
      specinfra (= 2.42.0)
    builder (3.2.2)
    coderay (1.1.0)
    diff-lcs (1.2.5)
    docker-api (1.22.2)
      excon (= 0.45.4)
      json (= 1.8.3)
    excon (0.45.4)
    extlib (0.9.16)
    facter (2.4.4)
      CFPropertyList (= 2.2.8)
    faraday (0.9.1)
      multipart-post (= 2.0.0)
    fission (0.5.0)
      CFPropertyList (= 2.2.8)
    fog (1.33.0)
      fog-atmos (= 0.1.0)
      fog-aws (= 0.7.5)
      fog-brightbox (= 0.9.0)
      fog-core (= 1.32.1)
      fog-dynect (= 0.0.2)
      fog-ecloud (= 0.1.1)
      fog-google (= 0.0.7)
      fog-json (= 1.0.2)
      fog-local (= 0.2.1)
      fog-powerdns (= 0.1.1)
      fog-profitbricks (= 0.0.5)
      fog-radosgw (= 0.0.4)
      fog-riakcs (= 0.1.0)
      fog-sakuracloud (= 1.0.1)
      fog-serverlove (= 0.1.2)
      fog-softlayer (= 0.4.7)
      fog-storm_on_demand (= 0.1.1)
      fog-terremark (= 0.1.0)
      fog-vmfusion (= 0.1.0)
      fog-voxel (= 0.1.0)
      fog-xml (= 0.1.2)
      ipaddress (= 0.8.0)
      nokogiri (= 1.6.6.2)
    fog-atmos (0.1.0)
      fog-core (= 1.32.1)
      fog-xml (= 0.1.2)
    fog-aws (0.7.5)
      fog-core (= 1.32.1)
      fog-json (= 1.0.2)
      fog-xml (= 0.1.2)
      ipaddress (= 0.8.0)
    fog-brightbox (0.9.0)
      fog-core (= 1.32.1)
      fog-json (= 1.0.2)
      inflecto (= 0.0.2)
    fog-core (1.32.1)
      builder (= 3.2.2)
      excon (= 0.45.4)
      formatador (= 0.2.5)
      mime-types (= 2.6.1)
      net-scp (= 1.2.1)
      net-ssh (= 2.9.2)
    fog-dynect (0.0.2)
      fog-core (= 1.32.1)
      fog-json (= 1.0.2)
      fog-xml (= 0.1.2)
    fog-ecloud (0.1.1)
      fog-core (= 1.32.1)
      fog-xml (= 0.1.2)
    fog-google (0.0.7)
      fog-core (= 1.32.1)
      fog-json (= 1.0.2)
      fog-xml (= 0.1.2)
    fog-json (1.0.2)
      fog-core (= 1.32.1)
      multi_json (= 1.11.2)
    fog-local (0.2.1)
      fog-core (= 1.32.1)
    fog-powerdns (0.1.1)
      fog-core (= 1.32.1)
      fog-json (= 1.0.2)
      fog-xml (= 0.1.2)
    fog-profitbricks (0.0.5)
      fog-core (= 1.32.1)
      fog-xml (= 0.1.2)
      nokogiri (= 1.6.6.2)
    fog-radosgw (0.0.4)
      fog-core (= 1.32.1)
      fog-json (= 1.0.2)
      fog-xml (= 0.1.2)
    fog-riakcs (0.1.0)
      fog-core (= 1.32.1)
      fog-json (= 1.0.2)
      fog-xml (= 0.1.2)
    fog-sakuracloud (1.0.1)
      fog-core (= 1.32.1)
      fog-json (= 1.0.2)
    fog-serverlove (0.1.2)
      fog-core (= 1.32.1)
      fog-json (= 1.0.2)
    fog-softlayer (0.4.7)
      fog-core (= 1.32.1)
      fog-json (= 1.0.2)
    fog-storm_on_demand (0.1.1)
      fog-core (= 1.32.1)
      fog-json (= 1.0.2)
    fog-terremark (0.1.0)
      fog-core (= 1.32.1)
      fog-xml (= 0.1.2)
    fog-vmfusion (0.1.0)
      fission (= 0.5.0)
      fog-core (= 1.32.1)
    fog-voxel (0.1.0)
      fog-core (= 1.32.1)
      fog-xml (= 0.1.2)
    fog-xml (0.1.2)
      fog-core (= 1.32.1)
      nokogiri (= 1.6.6.2)
    formatador (0.2.5)
    google-api-client (0.8.6)
      activesupport (= 4.2.4)
      addressable (= 2.3.8)
      autoparse (= 0.3.3)
      extlib (= 0.9.16)
      faraday (= 0.9.1)
      googleauth (= 0.4.2)
      launchy (= 2.4.3)
      multi_json (= 1.11.2)
      retriable (= 1.4.1)
      signet (= 0.6.1)
    googleauth (0.4.2)
      faraday (= 0.9.1)
      jwt (= 1.5.1)
      logging (= 2.0.0)
      memoist (= 0.12.0)
      multi_json (= 1.11.2)
      signet (= 0.6.1)
    her (0.6.8)
      activemodel (= 4.2.4)
      activesupport (= 4.2.4)
      faraday (= 0.9.1)
      multi_json (= 1.11.2)
    hiera (3.0.1)
      json_pure (= 1.8.2)
    hocon (0.9.3)
    i18n (0.7.0)
    inflecto (0.0.2)
    inifile (2.0.2)
    ipaddress (0.8.0)
    json (1.8.3)
    json_pure (1.8.2)
    jwt (1.5.1)
    launchy (2.4.3)
      addressable (= 2.3.8)
    librarian-puppet (2.2.1)
      librarianp (= 0.6.3)
      puppet_forge (= 1.0.5)
      rsync (= 1.0.9)
    librarianp (0.6.3)
      thor (= 0.19.1)
    little-plugger (1.1.3)
    logging (2.0.0)
      little-plugger (= 1.1.3)
      multi_json (= 1.11.2)
    memoist (0.12.0)
    metaclass (0.0.4)
    method_source (0.8.2)
    mime-types (2.6.1)
    mini_portile (0.6.2)
    minitest (5.8.0)
    mocha (1.1.0)
      metaclass (= 0.0.4)
    multi_json (1.11.2)
    multipart-post (2.0.0)
    net-scp (1.2.1)
      net-ssh (= 2.9.2)
    net-ssh (2.9.2)
    net-telnet (0.1.1)
    nokogiri (1.6.6.2)
      mini_portile (= 0.6.2)
    open_uri_redirections (0.2.1)
    pry (0.10.1)
      coderay (= 1.1.0)
      method_source (= 0.8.2)
      slop (= 3.6.0)
    puppet (4.2.1)
      facter (= 2.4.4)
      hiera (= 3.0.1)
      json_pure (= 1.8.2)
    puppet-lint (1.1.0)
    puppet-syntax (2.0.0)
      rake (= 10.4.2)
    puppet_forge (1.0.5)
      her (= 0.6.8)
    puppetlabs_spec_helper (0.10.3)
      mocha (= 1.1.0)
      puppet-lint (= 1.1.0)
      puppet-syntax (= 2.0.0)
      rake (= 10.4.2)
      rspec-puppet (= 2.2.0)
    rake (10.4.2)
    rbvmomi (1.8.2)
      builder (= 3.2.2)
      nokogiri (= 1.6.6.2)
      trollop (= 2.1.2)
    require_all (1.3.2)
    retriable (1.4.1)
    rspec (3.3.0)
      rspec-core (= 3.3.2)
      rspec-expectations (= 3.3.1)
      rspec-mocks (= 3.3.2)
    rspec-core (3.3.2)
      rspec-support (= 3.3.0)
    rspec-expectations (3.3.1)
      diff-lcs (= 1.2.5)
      rspec-support (= 3.3.0)
    rspec-its (1.2.0)
      rspec-core (= 3.3.2)
      rspec-expectations (= 3.3.1)
    rspec-mocks (3.3.2)
      diff-lcs (= 1.2.5)
      rspec-support (= 3.3.0)
    rspec-puppet (2.2.0)
      rspec (= 3.3.0)
    rspec-support (3.3.0)
    rsync (1.0.9)
    serverspec (2.22.0)
      multi_json (= 1.11.2)
      rspec (= 3.3.0)
      rspec-its (= 1.2.0)
      specinfra (= 2.42.0)
    sfl (2.2)
    signet (0.6.1)
      addressable (= 2.3.8)
      extlib (= 0.9.16)
      faraday (= 0.9.1)
      jwt (= 1.5.1)
      multi_json (= 1.11.2)
    slop (3.6.0)
    specinfra (2.42.0)
      net-scp (= 1.2.1)
      net-ssh (= 2.9.2)
      net-telnet (= 0.1.1)
      sfl (= 2.2)
    stringify-hash (0.0.2)
    thor (0.19.1)
    thread_safe (0.3.5)
    trollop (2.1.2)
    tzinfo (1.2.2)
      thread_safe (= 0.3.5)
    unf (0.1.4)
      unf_ext (= 0.0.7.1)
    unf_ext (0.0.7.1)

PLATFORMS
  ruby

DEPENDENCIES
  beaker-rspec
  librarian-puppet
  pry
  puppet
  puppet-lint
  puppetlabs_spec_helper
  rake
  rspec-puppet

BUNDLED WITH
   1.10.5
